GEM
  specs:
    addressable (2.8.0)
      public_suffix (>= 2.0.2, < 5.0)
    json-schema (2.8.1)
      addressable (>= 2.4)
    public_suffix (4.0.6)

PLATFORMS
  x64-mingw32

DEPENDENCIES
  json-schema (~> 2.8)

BUNDLED WITH
   2.2.22
